GEM
  remote: https://rubygems.org/
  specs:
    highline (1.7.8)

PLATFORMS
  ruby

DEPENDENCIES
  highline (~> 1.7, >= 1.7.8)

BUNDLED WITH
   1.13.6
